GEM
  remote: https://rubygems.org/
  specs:
    awesome_print (1.8.0)
    childprocess (0.9.0)
      ffi (~> 1.0, >= 1.0.11)
    coderay (1.1.2)
    ffi (1.9.25)
    httparty (0.16.2)
      multi_xml (>= 0.5.2)
    method_source (0.9.0)
    mini_portile2 (2.4.0)
    multi_xml (0.6.0)
    nokogiri (1.10.10)
      mini_portile2 (~> 2.4.0)
    pry (0.11.3)
      coderay (~> 1.1.0)
      method_source (~> 0.9.0)
    pry-rails (0.3.6)
      pry (>= 0.10.4)
    rubyzip (1.2.2)
    selenium-webdriver (3.13.1)
      childprocess (~> 0.5)
      rubyzip (~> 1.2, >= 1.2.2)
    watir (6.12.0)
      selenium-webdriver (~> 3.4, >= 3.4.1)

PLATFORMS
  ruby

DEPENDENCIES
  awesome_print
  httparty
  nokogiri (>= 1.8.5)
  pry-rails
  selenium-webdriver
  watir

RUBY VERSION
   ruby 2.5.1p57

BUNDLED WITH
   1.16.2
